PATH
  remote: .
  specs:
    eppo_client (0.0.0)
      concurrent-ruby (~> 1.1, >= 1.1.9)
      faraday (~> 2.7, >= 2.7.1)
      faraday-retry (~> 2.0, >= 2.0.0)

GEM
  remote: http://rubygems.org/
  specs:
    concurrent-ruby (1.1.10)
    diff-lcs (1.5.0)
    faraday (2.7.1)
      faraday-net_http (>= 2.0, < 3.1)
      ruby2_keywords (>= 0.0.4)
    faraday-net_http (3.0.2)
    faraday-retry (2.0.0)
      faraday (~> 2.0)
    rake (13.0.6)
    rspec (3.12.0)
      rspec-core (~> 3.12.0)
      rspec-expectations (~> 3.12.0)
      rspec-mocks (~> 3.12.0)
    rspec-core (3.12.0)
      rspec-support (~> 3.12.0)
    rspec-expectations (3.12.1)
      diff-lcs (>= 1.2.0, < 2.0)
      rspec-support (~> 3.12.0)
    rspec-mocks (3.12.1)
      diff-lcs (>= 1.2.0, < 2.0)
      rspec-support (~> 3.12.0)
    rspec-support (3.12.0)
    ruby2_keywords (0.0.5)

PLATFORMS
  arm64-darwin-21

DEPENDENCIES
  eppo_client!
  rake (~> 13.0, >= 13.0.6)
  rspec (~> 3.12, >= 3.12.0)

BUNDLED WITH
   2.3.26
