PATH
  remote: .
  specs:
    eppo_client (0.0.0)
      concurrent-ruby (~> 1.1, >= 1.1.9)
      faraday (~> 2.7, >= 2.7.1)
      faraday-retry (~> 2.0, >= 2.0.0)

GEM
  remote: http://rubygems.org/
  specs:
    concurrent-ruby (1.1.10)
    faraday (2.7.1)
      faraday-net_http (>= 2.0, < 3.1)
      ruby2_keywords (>= 0.0.4)
    faraday-net_http (3.0.2)
    faraday-retry (2.0.0)
      faraday (~> 2.0)
    ruby2_keywords (0.0.5)

PLATFORMS
  arm64-darwin-21

DEPENDENCIES
  eppo_client!

BUNDLED WITH
   2.3.26
